GIT
  remote: https://github.com/giosakti/pelita
  revision: f165f5d7f3ac082f3af8cf7cc9295d72f5f4fb2e
  branch: master
  specs:
    pelita (0.1.0)
      bcrypt (~> 3.1)
      dotenv (~> 2.2)
      dry-auto_inject (~> 0.4)
      dry-configurable (~> 0.7)
      dry-container (~> 0.6)
      dry-struct (~> 0.3)
      dry-system (~> 0.7)
      dry-transaction (~> 0.10)
      dry-types (~> 0.10)
      dry-validation (~> 0.10)
      rack-protection (~> 2.0)
      rack_csrf (~> 2.6)
      rake (~> 12.0)
      roda (~> 2.27)
      rom (~> 3.2)
      rom-repository (~> 1.3)
      rom-sql (~> 1.3)

GEM
  remote: https://rubygems.org/
  specs:
    bcrypt (3.1.11)
    concurrent-ruby (1.0.5)
    diff-lcs (1.3)
    dotenv (2.2.1)
    dry-auto_inject (0.4.3)
      dry-container (>= 0.3.4)
    dry-configurable (0.7.0)
      concurrent-ruby (~> 1.0)
    dry-container (0.6.0)
      concurrent-ruby (~> 1.0)
      dry-configurable (~> 0.1, >= 0.1.3)
    dry-core (0.3.1)
      concurrent-ruby (~> 1.0)
    dry-equalizer (0.2.0)
    dry-initializer (1.4.1)
    dry-logic (0.4.1)
      dry-container (~> 0.2, >= 0.2.6)
      dry-core (~> 0.2)
      dry-equalizer (~> 0.2)
    dry-matcher (0.6.0)
    dry-monads (0.3.1)
      dry-core
      dry-equalizer
    dry-struct (0.3.0)
      dry-configurable (~> 0.1)
      dry-core (~> 0.3)
      dry-equalizer (~> 0.2)
      dry-types (~> 0.9, >= 0.9.0)
      ice_nine (~> 0.11)
    dry-system (0.7.1)
      concurrent-ruby (~> 1.0)
      dry-auto_inject (>= 0.4.0)
      dry-configurable (~> 0.7, >= 0.7.0)
      dry-container (~> 0.6)
      dry-equalizer (~> 0.2)
      inflecto (>= 0.0.2)
    dry-transaction (0.10.0)
      dry-container (>= 0.2.8)
      dry-matcher (>= 0.5.0)
      dry-monads (>= 0.0.1)
      wisper (>= 1.6.0)
    dry-types (0.10.3)
      concurrent-ruby (~> 1.0)
      dry-configurable (~> 0.1)
      dry-container (~> 0.3)
      dry-core (~> 0.2, >= 0.2.1)
      dry-equalizer (~> 0.2)
      dry-logic (~> 0.4, >= 0.4.0)
      inflecto (~> 0.0.0, >= 0.0.2)
    dry-validation (0.10.7)
      concurrent-ruby (~> 1.0)
      dry-configurable (~> 0.1, >= 0.1.3)
      dry-core (~> 0.2, >= 0.2.1)
      dry-equalizer (~> 0.2)
      dry-logic (~> 0.4, >= 0.4.0)
      dry-types (~> 0.9, >= 0.9.0)
    ice_nine (0.11.2)
    inflecto (0.0.2)
    pg (0.21.0)
    rack (2.0.3)
    rack-protection (2.0.0)
      rack
    rack_csrf (2.6.0)
      rack (>= 1.1.0)
    rake (12.0.0)
    roda (2.27.0)
      rack
    rom (3.2.3)
      concurrent-ruby (~> 1.0)
      dry-core (~> 0.3)
      dry-equalizer (~> 0.2)
      dry-initializer (~> 1.3)
      dry-types (~> 0.9, >= 0.9.4)
      rom-mapper (~> 0.5, >= 0.5.1)
    rom-mapper (0.5.1)
      dry-core (~> 0.2, >= 0.2.3)
      dry-equalizer (~> 0.2)
      transproc (~> 1.0)
    rom-repository (1.3.3)
      dry-core (~> 0.3, >= 0.3.1)
      dry-struct (~> 0.1)
      rom (~> 3.2, >= 3.2.3)
      rom-mapper (~> 0.5)
    rom-sql (1.3.3)
      dry-core (~> 0.3)
      dry-equalizer (~> 0.2)
      dry-types (~> 0.10, >= 0.10.2)
      rom (~> 3.2, >= 3.2.2)
      sequel (~> 4.43)
    rspec (3.6.0)
      rspec-core (~> 3.6.0)
      rspec-expectations (~> 3.6.0)
      rspec-mocks (~> 3.6.0)
    rspec-core (3.6.0)
      rspec-support (~> 3.6.0)
    rspec-expectations (3.6.0)
      diff-lcs (>= 1.2.0, < 2.0)
      rspec-support (~> 3.6.0)
    rspec-mocks (3.6.0)
      diff-lcs (>= 1.2.0, < 2.0)
      rspec-support (~> 3.6.0)
    rspec-support (3.6.0)
    sequel (4.47.0)
    sqlite3 (1.3.13)
    transproc (1.0.2)
    wisper (2.0.0)

PLATFORMS
  ruby

DEPENDENCIES
  pelita!
  pg
  rspec
  sqlite3

BUNDLED WITH
   1.15.1
